GEM
  remote: https://rubygems.org/
  specs:
    base64 (0.1.0)
    dotenv (2.7.6)
    httparty (0.20.0)
      mime-types (~> 3.0)
      multi_xml (>= 0.5.2)
    mime-types (3.3.1)
      mime-types-data (~> 3.2015)
    mime-types-data (3.2021.0901)
    multi_xml (0.6.0)
    pastel (0.8.0)
      tty-color (~> 0.5)
    terminal-table (3.0.2)
      unicode-display_width (>= 1.1.1, < 3)
    tty-color (0.6.0)
    tty-cursor (0.7.1)
    tty-prompt (0.23.1)
      pastel (~> 0.8)
      tty-reader (~> 0.8)
    tty-reader (0.9.0)
      tty-cursor (~> 0.7)
      tty-screen (~> 0.8)
      wisper (~> 2.0)
    tty-screen (0.8.1)
    unicode-display_width (2.1.0)
    wisper (2.0.1)

PLATFORMS
  ruby
  x86_64-linux

DEPENDENCIES
  base64
  dotenv
  httparty
  terminal-table
  tty-prompt

BUNDLED WITH
   2.2.28
